GEM
  remote: https://rubygems.org/
  specs:
    srt (0.1.5)

PLATFORMS
  arm64-darwin-20

DEPENDENCIES
  srt (~> 0.1.5)

BUNDLED WITH
   2.2.22
